GEM
  remote: https://rubygems.org/
  specs:
    pg (1.1.4)

PLATFORMS
  ruby
  x86_64-darwin-19

DEPENDENCIES
  pg

BUNDLED WITH
   2.2.1
